GEM
  remote: https://rubygems.org/
  specs:
    mustermann (1.0.0)
    rack (2.0.3)
    rack-protection (2.0.0)
      rack
    sinatra (2.0.0)
      mustermann (~> 1.0)
      rack (~> 2.0)
      rack-protection (= 2.0.0)
      tilt (~> 2.0)
    smarter_csv (1.1.4)
    tilt (2.0.7)

PLATFORMS
  ruby

DEPENDENCIES
  sinatra
  smarter_csv

RUBY VERSION
   ruby 2.4.1p111

BUNDLED WITH
   1.15.1
