GEM
  remote: https://rubygems.org/
  specs:
    dotenv (2.2.1)
    mustermann (1.0.0)
    rack (2.0.3)
    rack-protection (2.0.0)
      rack
    sass (3.4.24)
    sinatra (2.0.0)
      mustermann (~> 1.0)
      rack (~> 2.0)
      rack-protection (= 2.0.0)
      tilt (~> 2.0)
    smarter_csv (1.1.4)
    staccato (0.5.1)
    tilt (2.0.7)

PLATFORMS
  ruby

DEPENDENCIES
  dotenv
  sass
  sinatra
  smarter_csv
  staccato

RUBY VERSION
   ruby 2.4.1p111

BUNDLED WITH
   1.15.1
